PATH
  remote: .
  specs:
    beecart (0.2.2)
      msgpack (~> 0.5.8)
      redis (~> 3.0.6)

GEM
  remote: https://rubygems.org/
  specs:
    hashie (2.0.5)
    msgpack (0.5.8)
    redis (3.0.7)

PLATFORMS
  ruby

DEPENDENCIES
  beecart!
  hashie
